GEM
  remote: http://rubygems.org/
  specs:
    bouncy-castle-java (1.5.0147)
    celluloid (0.15.2)
      timers (~> 1.1.0)
    celluloid-io (0.15.0)
      celluloid (>= 0.15.0)
      nio4r (>= 0.5.0)
    haml (4.0.5)
      tilt
    htmlentities (4.3.1)
    http (0.5.0)
      http_parser.rb
    http_parser.rb (0.6.0-java)
    jruby-openssl (0.9.4)
      bouncy-castle-java (>= 1.5.0147)
    json (1.8.1-java)
    log4r (1.1.10)
    nesty (1.0.2)
    nio4r (1.0.0-java)
    reel (0.4.0)
      celluloid (>= 0.15.1)
      celluloid-io (>= 0.15.0)
      http (>= 0.5.0)
      http_parser.rb (>= 0.6.0.beta.2)
      websocket_parser (>= 0.1.4)
    tilt (2.0.0)
    timers (1.1.0)
    websocket_parser (0.1.6)
    yard (0.8.7.3)

PLATFORMS
  java

DEPENDENCIES
  haml
  htmlentities
  jruby-openssl
  json
  log4r
  nesty
  reel
  yard
